GEM
  remote: https://rubygems.org/
  specs:
    dotenv (2.7.6)

PLATFORMS
  -darwin-20

DEPENDENCIES
  dotenv

BUNDLED WITH
   2.2.16
